GEM
  specs:
    ansi (1.5.0)
    builder (3.3.0)
    difftastic (0.7.0-arm64-darwin)
      pretty_please
    dispersion (0.2.0)
      prism
    minitest (5.25.5)
    minitest-difftastic (0.2.1)
      difftastic (~> 0.6)
    minitest-reporters (1.7.1)
      ansi
      builder
      minitest (>= 5.0)
      ruby-progressbar
    pretty_please (0.2.0)
      dispersion (~> 0.2)
    prism (1.4.0)
    rake (13.3.0)
    ruby-progressbar (1.13.0)
    shoulda-context (3.0.0.rc1)

PLATFORMS
  arm64-darwin-23

DEPENDENCIES
  minitest
  minitest-difftastic
  minitest-reporters (~> 1.6)
  rake
  shoulda-context (~> 3.0.0.rc1)

BUNDLED WITH
   2.7.0
